PATH
  remote: ../../..
  specs:
    motion-kit (1.0.0)
      dbt (~> 1.1.5)

GEM
  remote: https://rubygems.org/
  specs:
    dbt (1.1.5)

PLATFORMS
  ruby

DEPENDENCIES
  motion-kit!
