PATH
  remote: ../../..
  specs:
    motion-kit (0.10.1)
      dbt

GEM
  remote: https://rubygems.org/
  specs:
    dbt (1.1.4)

PLATFORMS
  ruby

DEPENDENCIES
  motion-kit!
