GIT
  remote: git@github.com:colinta/motion-require
  revision: d6289a706a0c49fff3c0706c2e9e97640b554378
  specs:
    motion-require (0.1.1)

PATH
  remote: .
  specs:
    motion-kit (0.0.1)

GEM
  remote: https://rubygems.org/
  specs:

PLATFORMS
  ruby

DEPENDENCIES
  motion-kit!
  motion-require!
