PATH
  remote: .
  specs:
    motion-kit (0.0.1)

GEM
  remote: https://rubygems.org/
  specs:
    motion-require (0.2.0)
    rake (10.1.1)

PLATFORMS
  ruby

DEPENDENCIES
  motion-kit!
  motion-require
  rake
