PATH
  remote: .
  specs:
    motion-kit (0.15.0)
      dbt (~> 1.1.5)

GEM
  remote: https://rubygems.org/
  specs:
    dbt (1.1.5)
    motion-redgreen (0.1.0)
    rake (10.1.1)

PLATFORMS
  ruby

DEPENDENCIES
  motion-kit!
  motion-redgreen
  rake
