PATH
  remote: .
  specs:
    motion-kit (0.0.1)
      motion-require (>= 0.2.0)

GEM
  remote: https://rubygems.org/
  specs:
    motion-redgreen (0.1.0)
    motion-require (0.2.0)
    rake (10.1.1)

PLATFORMS
  ruby

DEPENDENCIES
  motion-kit!
  motion-redgreen
  motion-require (~> 0.2.0)
  rake
