PATH
  remote: .
  specs:
    motion-kit (0.0.1)
      motion-require (>= 0.0.6)

GEM
  remote: https://rubygems.org/
  specs:
    motion-require (0.0.7)
    rake (10.0.4)

PLATFORMS
  ruby

DEPENDENCIES
  motion-kit!
  motion-require
  rake
