PATH
  remote: ../../..
  specs:
    motion-kit (0.9.6)
      dbt

GEM
  remote: https://rubygems.org/
  specs:
    dbt (1.1.4)

PLATFORMS
  ruby

DEPENDENCIES
  dbt
  motion-kit!
