PATH
  remote: ../../..
  specs:
    motion-kit (0.0.1)
      motion-require (>= 0.2.0)

GEM
  specs:
    motion-require (0.2.0)

PLATFORMS
  ruby

DEPENDENCIES
  motion-kit!
