PATH
  remote: ../../..
  specs:
    motion-kit (0.17.0)
      dbt (~> 1.1.5)

GEM
  remote: https://rubygems.org/
  specs:
    dbt (1.1.5)
    motion-firebase (3.1.3)
    rake (10.3.1)
    sugarcube (3.3.4)

PLATFORMS
  ruby

DEPENDENCIES
  motion-firebase
  motion-kit!
  rake
  sugarcube
