PATH
  remote: ../../..
  specs:
    motion-kit (0.11.0)
      dbt (~> 1.1.5)

GEM
  remote: https://rubygems.org/
  specs:
    dbt (1.1.5)
    motion-firebase (2.0.10)
    sugarcube (1.6.0)

PLATFORMS
  ruby

DEPENDENCIES
  motion-firebase
  motion-kit!
  sugarcube
